GIT
  remote: git://github.com/parasew/acts_as_tree.git
  revision: ed52495d1671c99e1add582628403bf8104e9077
  specs:
    acts_as_tree (1.2.3)

GEM
  remote: http://rubygems.org/
  specs:
    POpen4 (0.1.4)
      Platform (>= 0.4.0)
      open4
    Platform (0.4.0)
    abstract (1.0.0)
    actionmailer (3.0.3)
      actionpack (= 3.0.3)
      mail (~> 2.2.9)
    actionpack (3.0.3)
      activemodel (= 3.0.3)
      activesupport (= 3.0.3)
      builder (~> 2.1.2)
      erubis (~> 2.6.6)
      i18n (~> 0.4)
      rack (~> 1.2.1)
      rack-mount (~> 0.6.13)
      rack-test (~> 0.5.6)
      tzinfo (~> 0.3.23)
    activemodel (3.0.3)
      activesupport (= 3.0.3)
      builder (~> 2.1.2)
      i18n (~> 0.4)
    activerecord (3.0.3)
      activemodel (= 3.0.3)
      activesupport (= 3.0.3)
      arel (~> 2.0.2)
      tzinfo (~> 0.3.23)
    activeresource (3.0.3)
      activemodel (= 3.0.3)
      activesupport (= 3.0.3)
    activesupport (3.0.3)
    annotate-models (1.0.4)
    arel (2.0.9)
    bcrypt-ruby (2.1.4)
    bcrypt-ruby (2.1.4-x86-mingw32)
    builder (2.1.2)
    bullet (2.0.1)
      uniform_notifier (~> 1.0.0)
    cancan (1.5.0)
    devise (1.1.5)
      bcrypt-ruby (~> 2.1.2)
      warden (~> 1.0.2)
    diff-lcs (1.1.2)
    dynamic_form (1.1.3)
    easy_http_cache (2.2)
    erubis (2.6.6)
      abstract (>= 1.0.0)
    factory_girl (1.3.3)
    factory_girl_rails (1.0)
      factory_girl (~> 1.3)
      rails (>= 3.0.0.beta4)
    fastercsv (1.5.4)
    formtastic (1.2.3)
      actionpack (>= 2.3.7)
      activesupport (>= 2.3.7)
      i18n (~> 0.4)
    has_scope (0.5.0)
    i18n (0.5.0)
    i18n_generators (1.0.2)
    inherited_resources (1.1.2)
      has_scope (~> 0.5.0)
      responders (~> 0.6.0)
    inherited_resources_views (0.4.1)
      inherited_resources (>= 1.0)
    jammit (0.6.3)
      yui-compressor (>= 0.9.3)
    jquery-rails (0.2.7)
      rails (~> 3.0)
      thor (~> 0.14.4)
    macaddr (1.0.0)
    mail (2.2.15)
      activesupport (>= 2.3.6)
      i18n (>= 0.4.0)
      mime-types (~> 1.16)
      treetop (~> 1.4.8)
    meta_search (1.0.3)
      actionpack (~> 3.0.2)
      activerecord (~> 3.0.2)
      activesupport (~> 3.0.2)
      arel (~> 2.0.2)
    mime-types (1.16)
    mysql2 (0.2.6)
    mysql2 (0.2.6-x86-mingw32)
    open4 (1.1.0)
    polyglot (0.3.1)
    rack (1.2.2)
    rack-mount (0.6.14)
      rack (>= 1.0.0)
    rack-test (0.5.7)
      rack (>= 1.0)
    rails (3.0.3)
      actionmailer (= 3.0.3)
      actionpack (= 3.0.3)
      activerecord (= 3.0.3)
      activeresource (= 3.0.3)
      activesupport (= 3.0.3)
      bundler (~> 1.0)
      railties (= 3.0.3)
    railties (3.0.3)
      actionpack (= 3.0.3)
      activesupport (= 3.0.3)
      rake (>= 0.8.7)
      thor (~> 0.14.4)
    rake (0.8.7)
    responders (0.6.2)
    rspec (2.4.0)
      rspec-core (~> 2.4.0)
      rspec-expectations (~> 2.4.0)
      rspec-mocks (~> 2.4.0)
    rspec-core (2.4.0)
    rspec-expectations (2.4.0)
      diff-lcs (~> 1.1.2)
    rspec-mocks (2.4.0)
    rspec-rails (2.4.1)
      actionpack (~> 3.0)
      activesupport (~> 3.0)
      railties (~> 3.0)
      rspec (~> 2.4.0)
    show_for (0.2.4)
    spork (0.9.0.rc4)
    state_machine (0.10.2)
    thor (0.14.6)
    treetop (1.4.9)
      polyglot (>= 0.3.1)
    tzinfo (0.3.25)
    uniform_notifier (1.0.1)
    uuid (2.3.1)
      macaddr (~> 1.0)
    validation_reflection (1.0.0)
    warden (1.0.3)
      rack (>= 1.0.0)
    web-app-theme (0.6.3)
    will_paginate (3.0.pre2)
    yui-compressor (0.9.6)
      POpen4 (>= 0.1.4)

PLATFORMS
  ruby
  x86-mingw32

DEPENDENCIES
  acts_as_tree!
  annotate-models (= 1.0.4)
  bullet
  cancan (= 1.5.0)
  devise (= 1.1.5)
  dynamic_form
  easy_http_cache
  factory_girl_rails (= 1.0)
  fastercsv
  formtastic (~> 1.2.3)
  i18n_generators
  inherited_resources (= 1.1.2)
  inherited_resources_views
  jammit
  jquery-rails
  meta_search
  mysql2 (= 0.2.6)
  rails (= 3.0.3)
  rspec (~> 2.4.0)
  rspec-rails (~> 2.4.1)
  show_for
  spork (= 0.9.0.rc4)
  state_machine
  uuid
  validation_reflection
  web-app-theme (>= 0.6.2)
  will_paginate (~> 3.0.pre2)
  yui-compressor
